GEM
  remote: https://rubygems.org/
  specs:
    addressable (2.4.0)
    colorize (0.8.1)
    commander (4.4.0)
      highline (~> 1.7.2)
    diff-lcs (1.2.5)
    faraday (0.9.2)
      multipart-post (>= 1.2, < 3)
    highline (1.7.8)
    multipart-post (2.0.0)
    octokit (4.3.0)
      sawyer (~> 0.7.0, >= 0.5.3)
    parallel (1.9.0)
    rspec (2.13.0)
      rspec-core (~> 2.13.0)
      rspec-expectations (~> 2.13.0)
      rspec-mocks (~> 2.13.0)
    rspec-core (2.13.1)
    rspec-expectations (2.13.0)
      diff-lcs (>= 1.1.3, < 2.0)
    rspec-mocks (2.13.0)
    ruby-progressbar (1.8.0)
    sawyer (0.7.0)
      addressable (>= 2.3.5, < 2.5)
      faraday (~> 0.8, < 0.10)
    terminal-table (1.6.0)
    word_wrap (1.0.0)

PLATFORMS
  ruby

DEPENDENCIES
  colorize
  commander
  octokit
  parallel
  rspec
  ruby-progressbar
  terminal-table
  word_wrap

BUNDLED WITH
   1.10.6
